GIT
  remote: https://github.com/yoshiori/ruboty-irkit.git
  revision: fe067adacd7276f0d7ba0832b7e639f12733599e
  specs:
    ruboty-irkit (0.2.0)
      httparty
      ruboty

PATH
  remote: plugins/ruboty-air_conditioner
  specs:
    ruboty-air_conditioner (0.1.0)
      open-weather
      ruboty

GEM
  remote: https://rubygems.org/
  specs:
    activesupport (5.0.2)
      concurrent-ruby (~> 1.0, >= 1.0.2)
      i18n (~> 0.7)
      minitest (~> 5.1)
      tzinfo (~> 1.1)
    chrono (0.3.0)
      activesupport
    concurrent-ruby (1.0.5)
    dotenv (2.2.0)
    faraday (0.11.0)
      multipart-post (>= 1.2, < 3)
    faraday_middleware (0.11.0.1)
      faraday (>= 0.7.4, < 1.0)
    httparty (0.14.0)
      multi_xml (>= 0.5.2)
    i18n (0.8.1)
    json (1.8.6)
    mem (0.1.5)
    minitest (5.10.1)
    multi_xml (0.6.0)
    multipart-post (2.0.0)
    open-weather (0.12.0)
      json (~> 1)
    pusher-client (0.6.2)
      json
      websocket (~> 1.0)
    rake (12.0.0)
    redis (3.3.3)
    redis-namespace (1.5.3)
      redis (~> 3.0, >= 3.0.4)
    ruboty (1.3.0)
      activesupport
      bundler
      dotenv
      mem
      slop
    ruboty-alias (0.0.8)
      ruboty (>= 1.1.1)
    ruboty-cron (1.1.0)
      activesupport
      chrono
      ruboty (>= 0.2.0)
    ruboty-google_image (0.1.0)
      faraday
      faraday_middleware
      ruboty
    ruboty-idobata (0.0.6)
      pusher-client
      ruboty
    ruboty-redis (0.0.6)
      redis
      redis-namespace
      ruboty
    slop (4.4.1)
    thread_safe (0.3.6)
    tzinfo (1.2.2)
      thread_safe (~> 0.1)
    websocket (1.2.4)

PLATFORMS
  ruby

DEPENDENCIES
  rake
  ruboty-air_conditioner!
  ruboty-alias
  ruboty-cron
  ruboty-google_image
  ruboty-idobata
  ruboty-irkit!
  ruboty-redis

BUNDLED WITH
   1.14.6
